PATH
  remote: .
  specs:
    rs_user_policy (0.1.8)
      right_api_client (= 1.5.12)
      trollop (>= 1.16, < 3.0)

GEM
  remote: https://rubygems.org/
  specs:
    activesupport (3.2.11)
      i18n (~> 0.6)
      multi_json (~> 1.0)
    diff-lcs (1.1.3)
    flexmock (0.9.0)
    i18n (0.6.1)
    json (1.8.0)
    mime-types (1.24)
    multi_json (1.5.0)
    rake (10.0.3)
    rest-client (1.6.7)
      mime-types (>= 1.16)
    right_api_client (1.5.12)
      json
      rest-client (~> 1.6)
    rspec (2.12.0)
      rspec-core (~> 2.12.0)
      rspec-expectations (~> 2.12.0)
      rspec-mocks (~> 2.12.0)
    rspec-core (2.12.2)
    rspec-expectations (2.12.1)
      diff-lcs (~> 1.1.3)
    rspec-mocks (2.12.2)
    trollop (2.0)
    yard (0.8.4.1)

PLATFORMS
  ruby

DEPENDENCIES
  activesupport
  bundler
  flexmock (~> 0.9)
  rake
  rs_user_policy!
  rspec (~> 2.11)
  yard (~> 0.8)
