PATH
  remote: .
  specs:
    rs_user_policy (0.1.0)
      right_api_client (~> 1.5.9)
      trollop (~> 1.16)

GEM
  remote: http://rubygems.org/
  specs:
    diff-lcs (1.1.3)
    flexmock (0.9.0)
    json (1.7.5)
    mime-types (1.19)
    rake (10.0.3)
    rest-client (1.6.7)
      mime-types (>= 1.16)
    right_api_client (1.5.9)
      json
      rest-client (= 1.6.7)
    rspec (2.12.0)
      rspec-core (~> 2.12.0)
      rspec-expectations (~> 2.12.0)
      rspec-mocks (~> 2.12.0)
    rspec-core (2.12.2)
    rspec-expectations (2.12.1)
      diff-lcs (~> 1.1.3)
    rspec-mocks (2.12.0)
    trollop (1.16.2)
    yard (0.8.3)

PLATFORMS
  ruby

DEPENDENCIES
  bundler
  flexmock (~> 0.9)
  rake
  rs_user_policy!
  rspec (~> 2.11)
  yard (~> 0.8)
